GEM
  remote: https://rubygems.org/
  specs:
    multi_json (1.7.9)
    rr (1.1.2)
    simplecov (0.7.1)
      multi_json (~> 1.0)
      simplecov-html (~> 0.7.1)
    simplecov-html (0.7.1)
    yard (0.8.7)

PLATFORMS
  ruby

DEPENDENCIES
  rr
  simplecov
  yard
